GEM
  remote: https://rubygems.org/
  specs:
    activemodel (4.1.6)
      activesupport (= 4.1.6)
      builder (~> 3.1)
    activerecord (4.1.6)
      activemodel (= 4.1.6)
      activesupport (= 4.1.6)
      arel (~> 5.0.0)
    activerecord-import (0.5.0)
      activerecord (>= 3.0)
    activesupport (4.1.6)
      i18n (~> 0.6, >= 0.6.9)
      json (~> 1.7, >= 1.7.7)
      minitest (~> 5.1)
      thread_safe (~> 0.1)
      tzinfo (~> 1.1)
    andand (1.3.3)
    arel (5.0.1.20140414130214)
    bio (1.4.3.0001)
    builder (3.2.2)
    htmlentities (4.3.2)
    i18n (0.6.11)
    json (1.8.1)
    mini_portile (0.6.0)
    minitest (5.4.1)
    mysql2 (0.3.16)
    nokogiri (1.6.3.1)
      mini_portile (= 0.6.0)
    rake (10.3.2)
    thread_safe (0.3.4)
    tzinfo (1.2.2)
      thread_safe (~> 0.1)

PLATFORMS
  ruby

DEPENDENCIES
  activerecord
  activerecord-import (>= 0.2.0)
  andand
  bio
  htmlentities
  json
  mysql2
  nokogiri
  rake (>= 0.8.3)
