GEM
  remote: https://rubygems.org/
  specs:
    activemodel (4.0.0)
      activesupport (= 4.0.0)
      builder (~> 3.1.0)
    activerecord (4.0.0)
      activemodel (= 4.0.0)
      activerecord-deprecated_finders (~> 1.0.2)
      activesupport (= 4.0.0)
      arel (~> 4.0.0)
    activerecord-deprecated_finders (1.0.3)
    activerecord-import (0.4.1)
      activerecord (>= 3.0)
    activesupport (4.0.0)
      i18n (~> 0.6, >= 0.6.4)
      minitest (~> 4.2)
      multi_json (~> 1.3)
      thread_safe (~> 0.1)
      tzinfo (~> 0.3.37)
    andand (1.3.3)
    arel (4.0.0)
    atomic (1.1.10)
    bio (1.4.3.0001)
    builder (3.1.4)
    htmlentities (4.3.1)
    i18n (0.6.4)
    json (1.6.5)
    minitest (4.7.5)
    multi_json (1.7.7)
    mysql2 (0.3.13)
    nokogiri (1.5.2)
    rake (0.9.2.2)
    thread_safe (0.1.0)
      atomic
    tzinfo (0.3.37)

PLATFORMS
  ruby

DEPENDENCIES
  activerecord
  activerecord-import (>= 0.2.0)
  andand
  bio
  htmlentities
  json
  mysql2
  nokogiri
  rake (>= 0.8.3)
